GIT
  remote: https://github.com/stympy/faker.git
  revision: a48340cb30afc2e9be43342b09662b831267a1c5
  branch: master
  specs:
    faker (1.9.3)
      i18n (>= 0.7)
      pastel (~> 0.7.2)
      thor (~> 0.20.0)
      tty-pager (~> 0.12.0)
      tty-screen (~> 0.6.5)
      tty-tree (~> 0.3.0)

GEM
  remote: https://rubygems.org/
  specs:
    activemodel (5.2.3)
      activesupport (= 5.2.3)
    activemodel-serializers-xml (1.0.2)
      activemodel (> 5.x)
      activesupport (> 5.x)
      builder (~> 3.1)
    activerecord (5.2.3)
      activemodel (= 5.2.3)
      activesupport (= 5.2.3)
      arel (>= 9.0)
    activerecord-import (1.0.7)
      activerecord (>= 3.2)
    activeresource (5.1.1)
      activemodel (>= 5.0, < 7)
      activemodel-serializers-xml (~> 1.0)
      activesupport (>= 5.0, < 7)
    activesupport (5.2.3)
      concurrent-ruby (~> 1.0, >= 1.0.2)
      i18n (>= 0.7, < 2)
      minitest (~> 5.1)
      tzinfo (~> 1.1)
    arel (9.0.0)
    ast (2.4.0)
    aws-eventstream (1.0.3)
    aws-partitions (1.176.0)
    aws-sdk (3.0.1)
      aws-sdk-resources (~> 3)
    aws-sdk-acm (1.23.0)
      aws-sdk-core (~> 3, >= 3.56.0)
      aws-sigv4 (~> 1.1)
    aws-sdk-acmpca (1.17.0)
      aws-sdk-core (~> 3, >= 3.56.0)
      aws-sigv4 (~> 1.1)
    aws-sdk-alexaforbusiness (1.26.0)
      aws-sdk-core (~> 3, >= 3.56.0)
      aws-sigv4 (~> 1.1)
    aws-sdk-amplify (1.7.0)
      aws-sdk-core (~> 3, >= 3.56.0)
      aws-sigv4 (~> 1.1)
    aws-sdk-apigateway (1.31.0)
      aws-sdk-core (~> 3, >= 3.56.0)
      aws-sigv4 (~> 1.1)
    aws-sdk-apigatewaymanagementapi (1.7.0)
      aws-sdk-core (~> 3, >= 3.56.0)
      aws-sigv4 (~> 1.1)
    aws-sdk-apigatewayv2 (1.8.0)
      aws-sdk-core (~> 3, >= 3.56.0)
      aws-sigv4 (~> 1.1)
    aws-sdk-applicationautoscaling (1.26.0)
      aws-sdk-core (~> 3, >= 3.56.0)
      aws-sigv4 (~> 1.1)
    aws-sdk-applicationdiscoveryservice (1.19.0)
      aws-sdk-core (~> 3, >= 3.56.0)
      aws-sigv4 (~> 1.1)
    aws-sdk-appmesh (1.11.0)
      aws-sdk-core (~> 3, >= 3.56.0)
      aws-sigv4 (~> 1.1)
    aws-sdk-appstream (1.31.0)
      aws-sdk-core (~> 3, >= 3.56.0)
      aws-sigv4 (~> 1.1)
    aws-sdk-appsync (1.17.0)
      aws-sdk-core (~> 3, >= 3.56.0)
      aws-sigv4 (~> 1.1)
    aws-sdk-athena (1.16.0)
      aws-sdk-core (~> 3, >= 3.56.0)
      aws-sigv4 (~> 1.1)
    aws-sdk-autoscaling (1.24.0)
      aws-sdk-core (~> 3, >= 3.56.0)
      aws-sigv4 (~> 1.1)
    aws-sdk-autoscalingplans (1.16.0)
      aws-sdk-core (~> 3, >= 3.56.0)
      aws-sigv4 (~> 1.1)
    aws-sdk-backup (1.7.0)
      aws-sdk-core (~> 3, >= 3.56.0)
      aws-sigv4 (~> 1.1)
    aws-sdk-batch (1.21.0)
      aws-sdk-core (~> 3, >= 3.56.0)
      aws-sigv4 (~> 1.1)
    aws-sdk-budgets (1.23.0)
      aws-sdk-core (~> 3, >= 3.56.0)
      aws-sigv4 (~> 1.1)
    aws-sdk-chime (1.11.0)
      aws-sdk-core (~> 3, >= 3.56.0)
      aws-sigv4 (~> 1.1)
    aws-sdk-cloud9 (1.15.0)
      aws-sdk-core (~> 3, >= 3.56.0)
      aws-sigv4 (~> 1.1)
    aws-sdk-clouddirectory (1.18.0)
      aws-sdk-core (~> 3, >= 3.56.0)
      aws-sigv4 (~> 1.1)
    aws-sdk-cloudformation (1.23.0)
      aws-sdk-core (~> 3, >= 3.56.0)
      aws-sigv4 (~> 1.1)
    aws-sdk-cloudfront (1.20.0)
      aws-sdk-core (~> 3, >= 3.56.0)
      aws-sigv4 (~> 1.1)
    aws-sdk-cloudhsm (1.16.0)
      aws-sdk-core (~> 3, >= 3.56.0)
      aws-sigv4 (~> 1.1)
    aws-sdk-cloudhsmv2 (1.16.0)
      aws-sdk-core (~> 3, >= 3.56.0)
      aws-sigv4 (~> 1.1)
    aws-sdk-cloudsearch (1.13.0)
      aws-sdk-core (~> 3, >= 3.56.0)
      aws-sigv4 (~> 1.1)
    aws-sdk-cloudsearchdomain (1.13.0)
      aws-sdk-core (~> 3, >= 3.56.0)
      aws-sigv4 (~> 1.1)
    aws-sdk-cloudtrail (1.15.0)
      aws-sdk-core (~> 3, >= 3.56.0)
      aws-sigv4 (~> 1.1)
    aws-sdk-cloudwatch (1.24.0)
      aws-sdk-core (~> 3, >= 3.56.0)
      aws-sigv4 (~> 1.1)
    aws-sdk-cloudwatchevents (1.21.0)
      aws-sdk-core (~> 3, >= 3.56.0)
      aws-sigv4 (~> 1.1)
    aws-sdk-cloudwatchlogs (1.22.0)
      aws-sdk-core (~> 3, >= 3.56.0)
      aws-sigv4 (~> 1.1)
    aws-sdk-codebuild (1.37.0)
      aws-sdk-core (~> 3, >= 3.56.0)
      aws-sigv4 (~> 1.1)
    aws-sdk-codecommit (1.23.0)
      aws-sdk-core (~> 3, >= 3.56.0)
      aws-sigv4 (~> 1.1)
    aws-sdk-codedeploy (1.23.0)
      aws-sdk-core (~> 3, >= 3.56.0)
      aws-sigv4 (~> 1.1)
    aws-sdk-codepipeline (1.21.0)
      aws-sdk-core (~> 3, >= 3.56.0)
      aws-sigv4 (~> 1.1)
    aws-sdk-codestar (1.15.0)
      aws-sdk-core (~> 3, >= 3.56.0)
      aws-sigv4 (~> 1.1)
    aws-sdk-cognitoidentity (1.14.0)
      aws-sdk-core (~> 3, >= 3.56.0)
      aws-sigv4 (~> 1.1)
    aws-sdk-cognitoidentityprovider (1.23.0)
      aws-sdk-core (~> 3, >= 3.56.0)
      aws-sigv4 (~> 1.1)
    aws-sdk-cognitosync (1.13.0)
      aws-sdk-core (~> 3, >= 3.56.0)
      aws-sigv4 (~> 1.1)
    aws-sdk-comprehend (1.22.0)
      aws-sdk-core (~> 3, >= 3.56.0)
      aws-sigv4 (~> 1.1)
    aws-sdk-comprehendmedical (1.7.0)
      aws-sdk-core (~> 3, >= 3.56.0)
      aws-sigv4 (~> 1.1)
    aws-sdk-configservice (1.31.0)
      aws-sdk-core (~> 3, >= 3.56.0)
      aws-sigv4 (~> 1.1)
    aws-sdk-connect (1.17.0)
      aws-sdk-core (~> 3, >= 3.56.0)
      aws-sigv4 (~> 1.1)
    aws-sdk-core (3.56.0)
      aws-eventstream (~> 1.0, >= 1.0.2)
      aws-partitions (~> 1.0)
      aws-sigv4 (~> 1.1)
      jmespath (~> 1.0)
    aws-sdk-costandusagereportservice (1.14.0)
      aws-sdk-core (~> 3, >= 3.56.0)
      aws-sigv4 (~> 1.1)
    aws-sdk-costexplorer (1.25.0)
      aws-sdk-core (~> 3, >= 3.56.0)
      aws-sigv4 (~> 1.1)
    aws-sdk-databasemigrationservice (1.24.0)
      aws-sdk-core (~> 3, >= 3.56.0)
      aws-sigv4 (~> 1.1)
    aws-sdk-datapipeline (1.13.0)
      aws-sdk-core (~> 3, >= 3.56.0)
      aws-sigv4 (~> 1.1)
    aws-sdk-datasync (1.8.0)
      aws-sdk-core (~> 3, >= 3.56.0)
      aws-sigv4 (~> 1.1)
    aws-sdk-dax (1.15.0)
      aws-sdk-core (~> 3, >= 3.56.0)
      aws-sigv4 (~> 1.1)
    aws-sdk-devicefarm (1.24.0)
      aws-sdk-core (~> 3, >= 3.56.0)
      aws-sigv4 (~> 1.1)
    aws-sdk-directconnect (1.21.0)
      aws-sdk-core (~> 3, >= 3.56.0)
      aws-sigv4 (~> 1.1)
    aws-sdk-directoryservice (1.19.0)
      aws-sdk-core (~> 3, >= 3.56.0)
      aws-sigv4 (~> 1.1)
    aws-sdk-dlm (1.16.0)
      aws-sdk-core (~> 3, >= 3.56.0)
      aws-sigv4 (~> 1.1)
    aws-sdk-docdb (1.8.0)
      aws-sdk-core (~> 3, >= 3.56.0)
      aws-sigv4 (~> 1.1)
    aws-sdk-dynamodb (1.31.0)
      aws-sdk-core (~> 3, >= 3.56.0)
      aws-sigv4 (~> 1.1)
    aws-sdk-dynamodbstreams (1.13.0)
      aws-sdk-core (~> 3, >= 3.56.0)
      aws-sigv4 (~> 1.1)
    aws-sdk-ec2 (1.94.0)
      aws-sdk-core (~> 3, >= 3.56.0)
      aws-sigv4 (~> 1.1)
    aws-sdk-ecr (1.18.0)
      aws-sdk-core (~> 3, >= 3.56.0)
      aws-sigv4 (~> 1.1)
    aws-sdk-ecs (1.42.0)
      aws-sdk-core (~> 3, >= 3.56.0)
      aws-sigv4 (~> 1.1)
    aws-sdk-efs (1.18.0)
      aws-sdk-core (~> 3, >= 3.56.0)
      aws-sigv4 (~> 1.1)
    aws-sdk-eks (1.20.0)
      aws-sdk-core (~> 3, >= 3.56.0)
      aws-sigv4 (~> 1.1)
    aws-sdk-elasticache (1.20.0)
      aws-sdk-core (~> 3, >= 3.56.0)
      aws-sigv4 (~> 1.1)
    aws-sdk-elasticbeanstalk (1.23.0)
      aws-sdk-core (~> 3, >= 3.56.0)
      aws-sigv4 (~> 1.1)
    aws-sdk-elasticloadbalancing (1.16.0)
      aws-sdk-core (~> 3, >= 3.56.0)
      aws-sigv4 (~> 1.1)
    aws-sdk-elasticloadbalancingv2 (1.30.0)
      aws-sdk-core (~> 3, >= 3.56.0)
      aws-sigv4 (~> 1.1)
    aws-sdk-elasticsearchservice (1.23.0)
      aws-sdk-core (~> 3, >= 3.56.0)
      aws-sigv4 (~> 1.1)
    aws-sdk-elastictranscoder (1.15.0)
      aws-sdk-core (~> 3, >= 3.56.0)
      aws-sigv4 (~> 1.1)
    aws-sdk-emr (1.18.0)
      aws-sdk-core (~> 3, >= 3.56.0)
      aws-sigv4 (~> 1.1)
    aws-sdk-firehose (1.18.0)
      aws-sdk-core (~> 3, >= 3.56.0)
      aws-sigv4 (~> 1.1)
    aws-sdk-fms (1.16.0)
      aws-sdk-core (~> 3, >= 3.56.0)
      aws-sigv4 (~> 1.1)
    aws-sdk-fsx (1.8.0)
      aws-sdk-core (~> 3, >= 3.56.0)
      aws-sigv4 (~> 1.1)
    aws-sdk-gamelift (1.20.0)
      aws-sdk-core (~> 3, >= 3.56.0)
      aws-sigv4 (~> 1.1)
    aws-sdk-glacier (1.22.0)
      aws-sdk-core (~> 3, >= 3.56.0)
      aws-sigv4 (~> 1.1)
    aws-sdk-globalaccelerator (1.8.0)
      aws-sdk-core (~> 3, >= 3.56.0)
      aws-sigv4 (~> 1.1)
    aws-sdk-glue (1.36.0)
      aws-sdk-core (~> 3, >= 3.56.0)
      aws-sigv4 (~> 1.1)
    aws-sdk-greengrass (1.21.0)
      aws-sdk-core (~> 3, >= 3.56.0)
      aws-sigv4 (~> 1.1)
    aws-sdk-groundstation (1.1.0)
      aws-sdk-core (~> 3, >= 3.56.0)
      aws-sigv4 (~> 1.1)
    aws-sdk-guardduty (1.20.0)
      aws-sdk-core (~> 3, >= 3.56.0)
      aws-sigv4 (~> 1.1)
    aws-sdk-health (1.16.0)
      aws-sdk-core (~> 3, >= 3.56.0)
      aws-sigv4 (~> 1.1)
    aws-sdk-iam (1.25.0)
      aws-sdk-core (~> 3, >= 3.56.0)
      aws-sigv4 (~> 1.1)
    aws-sdk-importexport (1.13.0)
      aws-sdk-core (~> 3, >= 3.56.0)
      aws-sigv2 (~> 1.0)
    aws-sdk-inspector (1.20.0)
      aws-sdk-core (~> 3, >= 3.56.0)
      aws-sigv4 (~> 1.1)
    aws-sdk-iot (1.33.0)
      aws-sdk-core (~> 3, >= 3.56.0)
      aws-sigv4 (~> 1.1)
    aws-sdk-iot1clickdevicesservice (1.15.0)
      aws-sdk-core (~> 3, >= 3.56.0)
      aws-sigv4 (~> 1.1)
    aws-sdk-iot1clickprojects (1.15.0)
      aws-sdk-core (~> 3, >= 3.56.0)
      aws-sigv4 (~> 1.1)
    aws-sdk-iotanalytics (1.22.0)
      aws-sdk-core (~> 3, >= 3.56.0)
      aws-sigv4 (~> 1.1)
    aws-sdk-iotdataplane (1.13.0)
      aws-sdk-core (~> 3, >= 3.56.0)
      aws-sigv4 (~> 1.1)
    aws-sdk-iotevents (1.1.0)
      aws-sdk-core (~> 3, >= 3.56.0)
      aws-sigv4 (~> 1.1)
    aws-sdk-ioteventsdata (1.1.0)
      aws-sdk-core (~> 3, >= 3.56.0)
      aws-sigv4 (~> 1.1)
    aws-sdk-iotjobsdataplane (1.14.0)
      aws-sdk-core (~> 3, >= 3.56.0)
      aws-sigv4 (~> 1.1)
    aws-sdk-iotthingsgraph (1.1.0)
      aws-sdk-core (~> 3, >= 3.56.0)
      aws-sigv4 (~> 1.1)
    aws-sdk-kafka (1.10.0)
      aws-sdk-core (~> 3, >= 3.56.0)
      aws-sigv4 (~> 1.1)
    aws-sdk-kinesis (1.17.0)
      aws-sdk-core (~> 3, >= 3.56.0)
      aws-sigv4 (~> 1.1)
    aws-sdk-kinesisanalytics (1.17.0)
      aws-sdk-core (~> 3, >= 3.56.0)
      aws-sigv4 (~> 1.1)
    aws-sdk-kinesisanalyticsv2 (1.8.0)
      aws-sdk-core (~> 3, >= 3.56.0)
      aws-sigv4 (~> 1.1)
    aws-sdk-kinesisvideo (1.16.0)
      aws-sdk-core (~> 3, >= 3.56.0)
      aws-sigv4 (~> 1.1)
    aws-sdk-kinesisvideoarchivedmedia (1.15.0)
      aws-sdk-core (~> 3, >= 3.56.0)
      aws-sigv4 (~> 1.1)
    aws-sdk-kinesisvideomedia (1.14.0)
      aws-sdk-core (~> 3, >= 3.56.0)
      aws-sigv4 (~> 1.1)
    aws-sdk-kms (1.22.0)
      aws-sdk-core (~> 3, >= 3.56.0)
      aws-sigv4 (~> 1.1)
    aws-sdk-lambda (1.27.0)
      aws-sdk-core (~> 3, >= 3.56.0)
      aws-sigv4 (~> 1.1)
    aws-sdk-lambdapreview (1.13.0)
      aws-sdk-core (~> 3, >= 3.56.0)
      aws-sigv4 (~> 1.1)
    aws-sdk-lex (1.16.0)
      aws-sdk-core (~> 3, >= 3.56.0)
      aws-sigv4 (~> 1.1)
    aws-sdk-lexmodelbuildingservice (1.19.0)
      aws-sdk-core (~> 3, >= 3.56.0)
      aws-sigv4 (~> 1.1)
    aws-sdk-licensemanager (1.7.0)
      aws-sdk-core (~> 3, >= 3.56.0)
      aws-sigv4 (~> 1.1)
    aws-sdk-lightsail (1.22.0)
      aws-sdk-core (~> 3, >= 3.56.0)
      aws-sigv4 (~> 1.1)
    aws-sdk-machinelearning (1.14.0)
      aws-sdk-core (~> 3, >= 3.56.0)
      aws-sigv4 (~> 1.1)
    aws-sdk-macie (1.13.0)
      aws-sdk-core (~> 3, >= 3.56.0)
      aws-sigv4 (~> 1.1)
    aws-sdk-managedblockchain (1.4.0)
      aws-sdk-core (~> 3, >= 3.56.0)
      aws-sigv4 (~> 1.1)
    aws-sdk-marketplacecommerceanalytics (1.13.0)
      aws-sdk-core (~> 3, >= 3.56.0)
      aws-sigv4 (~> 1.1)
    aws-sdk-marketplaceentitlementservice (1.13.0)
      aws-sdk-core (~> 3, >= 3.56.0)
      aws-sigv4 (~> 1.1)
    aws-sdk-marketplacemetering (1.16.0)
      aws-sdk-core (~> 3, >= 3.56.0)
      aws-sigv4 (~> 1.1)
    aws-sdk-mediaconnect (1.10.0)
      aws-sdk-core (~> 3, >= 3.56.0)
      aws-sigv4 (~> 1.1)
    aws-sdk-mediaconvert (1.30.0)
      aws-sdk-core (~> 3, >= 3.56.0)
      aws-sigv4 (~> 1.1)
    aws-sdk-medialive (1.34.0)
      aws-sdk-core (~> 3, >= 3.56.0)
      aws-sigv4 (~> 1.1)
    aws-sdk-mediapackage (1.19.0)
      aws-sdk-core (~> 3, >= 3.56.0)
      aws-sigv4 (~> 1.1)
    aws-sdk-mediapackagevod (1.2.0)
      aws-sdk-core (~> 3, >= 3.56.0)
      aws-sigv4 (~> 1.1)
    aws-sdk-mediastore (1.16.0)
      aws-sdk-core (~> 3, >= 3.56.0)
      aws-sigv4 (~> 1.1)
    aws-sdk-mediastoredata (1.16.0)
      aws-sdk-core (~> 3, >= 3.56.0)
      aws-sigv4 (~> 1.1)
    aws-sdk-mediatailor (1.18.0)
      aws-sdk-core (~> 3, >= 3.56.0)
      aws-sigv4 (~> 1.1)
    aws-sdk-migrationhub (1.15.0)
      aws-sdk-core (~> 3, >= 3.56.0)
      aws-sigv4 (~> 1.1)
    aws-sdk-mobile (1.13.0)
      aws-sdk-core (~> 3, >= 3.56.0)
      aws-sigv4 (~> 1.1)
    aws-sdk-mq (1.17.0)
      aws-sdk-core (~> 3, >= 3.56.0)
      aws-sigv4 (~> 1.1)
    aws-sdk-mturk (1.16.0)
      aws-sdk-core (~> 3, >= 3.56.0)
      aws-sigv4 (~> 1.1)
    aws-sdk-neptune (1.16.0)
      aws-sdk-core (~> 3, >= 3.56.0)
      aws-sigv4 (~> 1.1)
    aws-sdk-opsworks (1.17.0)
      aws-sdk-core (~> 3, >= 3.56.0)
      aws-sigv4 (~> 1.1)
    aws-sdk-opsworkscm (1.21.0)
      aws-sdk-core (~> 3, >= 3.56.0)
      aws-sigv4 (~> 1.1)
    aws-sdk-organizations (1.29.0)
      aws-sdk-core (~> 3, >= 3.56.0)
      aws-sigv4 (~> 1.1)
    aws-sdk-personalize (1.2.0)
      aws-sdk-core (~> 3, >= 3.56.0)
      aws-sigv4 (~> 1.1)
    aws-sdk-personalizeevents (1.1.0)
      aws-sdk-core (~> 3, >= 3.56.0)
      aws-sigv4 (~> 1.1)
    aws-sdk-personalizeruntime (1.1.0)
      aws-sdk-core (~> 3, >= 3.56.0)
      aws-sigv4 (~> 1.1)
    aws-sdk-pi (1.13.0)
      aws-sdk-core (~> 3, >= 3.56.0)
      aws-sigv4 (~> 1.1)
    aws-sdk-pinpoint (1.23.0)
      aws-sdk-core (~> 3, >= 3.56.0)
      aws-sigv4 (~> 1.1)
    aws-sdk-pinpointemail (1.12.0)
      aws-sdk-core (~> 3, >= 3.56.0)
      aws-sigv4 (~> 1.1)
    aws-sdk-pinpointsmsvoice (1.10.0)
      aws-sdk-core (~> 3, >= 3.56.0)
      aws-sigv4 (~> 1.1)
    aws-sdk-polly (1.23.0)
      aws-sdk-core (~> 3, >= 3.56.0)
      aws-sigv4 (~> 1.1)
    aws-sdk-pricing (1.13.0)
      aws-sdk-core (~> 3, >= 3.56.0)
      aws-sigv4 (~> 1.1)
    aws-sdk-quicksight (1.9.0)
      aws-sdk-core (~> 3, >= 3.56.0)
      aws-sigv4 (~> 1.1)
    aws-sdk-ram (1.8.0)
      aws-sdk-core (~> 3, >= 3.56.0)
      aws-sigv4 (~> 1.1)
    aws-sdk-rds (1.59.0)
      aws-sdk-core (~> 3, >= 3.56.0)
      aws-sigv4 (~> 1.1)
    aws-sdk-rdsdataservice (1.9.0)
      aws-sdk-core (~> 3, >= 3.56.0)
      aws-sigv4 (~> 1.1)
    aws-sdk-redshift (1.27.0)
      aws-sdk-core (~> 3, >= 3.56.0)
      aws-sigv4 (~> 1.1)
    aws-sdk-rekognition (1.26.0)
      aws-sdk-core (~> 3, >= 3.56.0)
      aws-sigv4 (~> 1.1)
    aws-sdk-resourcegroups (1.18.0)
      aws-sdk-core (~> 3, >= 3.56.0)
      aws-sigv4 (~> 1.1)
    aws-sdk-resourcegroupstaggingapi (1.13.0)
      aws-sdk-core (~> 3, >= 3.56.0)
      aws-sigv4 (~> 1.1)
    aws-sdk-resources (3.47.0)
      aws-sdk-acm (~> 1)
      aws-sdk-acmpca (~> 1)
      aws-sdk-alexaforbusiness (~> 1)
      aws-sdk-amplify (~> 1)
      aws-sdk-apigateway (~> 1)
      aws-sdk-apigatewaymanagementapi (~> 1)
      aws-sdk-apigatewayv2 (~> 1)
      aws-sdk-applicationautoscaling (~> 1)
      aws-sdk-applicationdiscoveryservice (~> 1)
      aws-sdk-appmesh (~> 1)
      aws-sdk-appstream (~> 1)
      aws-sdk-appsync (~> 1)
      aws-sdk-athena (~> 1)
      aws-sdk-autoscaling (~> 1)
      aws-sdk-autoscalingplans (~> 1)
      aws-sdk-backup (~> 1)
      aws-sdk-batch (~> 1)
      aws-sdk-budgets (~> 1)
      aws-sdk-chime (~> 1)
      aws-sdk-cloud9 (~> 1)
      aws-sdk-clouddirectory (~> 1)
      aws-sdk-cloudformation (~> 1)
      aws-sdk-cloudfront (~> 1)
      aws-sdk-cloudhsm (~> 1)
      aws-sdk-cloudhsmv2 (~> 1)
      aws-sdk-cloudsearch (~> 1)
      aws-sdk-cloudsearchdomain (~> 1)
      aws-sdk-cloudtrail (~> 1)
      aws-sdk-cloudwatch (~> 1)
      aws-sdk-cloudwatchevents (~> 1)
      aws-sdk-cloudwatchlogs (~> 1)
      aws-sdk-codebuild (~> 1)
      aws-sdk-codecommit (~> 1)
      aws-sdk-codedeploy (~> 1)
      aws-sdk-codepipeline (~> 1)
      aws-sdk-codestar (~> 1)
      aws-sdk-cognitoidentity (~> 1)
      aws-sdk-cognitoidentityprovider (~> 1)
      aws-sdk-cognitosync (~> 1)
      aws-sdk-comprehend (~> 1)
      aws-sdk-comprehendmedical (~> 1)
      aws-sdk-configservice (~> 1)
      aws-sdk-connect (~> 1)
      aws-sdk-costandusagereportservice (~> 1)
      aws-sdk-costexplorer (~> 1)
      aws-sdk-databasemigrationservice (~> 1)
      aws-sdk-datapipeline (~> 1)
      aws-sdk-datasync (~> 1)
      aws-sdk-dax (~> 1)
      aws-sdk-devicefarm (~> 1)
      aws-sdk-directconnect (~> 1)
      aws-sdk-directoryservice (~> 1)
      aws-sdk-dlm (~> 1)
      aws-sdk-docdb (~> 1)
      aws-sdk-dynamodb (~> 1)
      aws-sdk-dynamodbstreams (~> 1)
      aws-sdk-ec2 (~> 1)
      aws-sdk-ecr (~> 1)
      aws-sdk-ecs (~> 1)
      aws-sdk-efs (~> 1)
      aws-sdk-eks (~> 1)
      aws-sdk-elasticache (~> 1)
      aws-sdk-elasticbeanstalk (~> 1)
      aws-sdk-elasticloadbalancing (~> 1)
      aws-sdk-elasticloadbalancingv2 (~> 1)
      aws-sdk-elasticsearchservice (~> 1)
      aws-sdk-elastictranscoder (~> 1)
      aws-sdk-emr (~> 1)
      aws-sdk-firehose (~> 1)
      aws-sdk-fms (~> 1)
      aws-sdk-fsx (~> 1)
      aws-sdk-gamelift (~> 1)
      aws-sdk-glacier (~> 1)
      aws-sdk-globalaccelerator (~> 1)
      aws-sdk-glue (~> 1)
      aws-sdk-greengrass (~> 1)
      aws-sdk-groundstation (~> 1)
      aws-sdk-guardduty (~> 1)
      aws-sdk-health (~> 1)
      aws-sdk-iam (~> 1)
      aws-sdk-importexport (~> 1)
      aws-sdk-inspector (~> 1)
      aws-sdk-iot (~> 1)
      aws-sdk-iot1clickdevicesservice (~> 1)
      aws-sdk-iot1clickprojects (~> 1)
      aws-sdk-iotanalytics (~> 1)
      aws-sdk-iotdataplane (~> 1)
      aws-sdk-iotevents (~> 1)
      aws-sdk-ioteventsdata (~> 1)
      aws-sdk-iotjobsdataplane (~> 1)
      aws-sdk-iotthingsgraph (~> 1)
      aws-sdk-kafka (~> 1)
      aws-sdk-kinesis (~> 1)
      aws-sdk-kinesisanalytics (~> 1)
      aws-sdk-kinesisanalyticsv2 (~> 1)
      aws-sdk-kinesisvideo (~> 1)
      aws-sdk-kinesisvideoarchivedmedia (~> 1)
      aws-sdk-kinesisvideomedia (~> 1)
      aws-sdk-kms (~> 1)
      aws-sdk-lambda (~> 1)
      aws-sdk-lambdapreview (~> 1)
      aws-sdk-lex (~> 1)
      aws-sdk-lexmodelbuildingservice (~> 1)
      aws-sdk-licensemanager (~> 1)
      aws-sdk-lightsail (~> 1)
      aws-sdk-machinelearning (~> 1)
      aws-sdk-macie (~> 1)
      aws-sdk-managedblockchain (~> 1)
      aws-sdk-marketplacecommerceanalytics (~> 1)
      aws-sdk-marketplaceentitlementservice (~> 1)
      aws-sdk-marketplacemetering (~> 1)
      aws-sdk-mediaconnect (~> 1)
      aws-sdk-mediaconvert (~> 1)
      aws-sdk-medialive (~> 1)
      aws-sdk-mediapackage (~> 1)
      aws-sdk-mediapackagevod (~> 1)
      aws-sdk-mediastore (~> 1)
      aws-sdk-mediastoredata (~> 1)
      aws-sdk-mediatailor (~> 1)
      aws-sdk-migrationhub (~> 1)
      aws-sdk-mobile (~> 1)
      aws-sdk-mq (~> 1)
      aws-sdk-mturk (~> 1)
      aws-sdk-neptune (~> 1)
      aws-sdk-opsworks (~> 1)
      aws-sdk-opsworkscm (~> 1)
      aws-sdk-organizations (~> 1)
      aws-sdk-personalize (~> 1)
      aws-sdk-personalizeevents (~> 1)
      aws-sdk-personalizeruntime (~> 1)
      aws-sdk-pi (~> 1)
      aws-sdk-pinpoint (~> 1)
      aws-sdk-pinpointemail (~> 1)
      aws-sdk-pinpointsmsvoice (~> 1)
      aws-sdk-polly (~> 1)
      aws-sdk-pricing (~> 1)
      aws-sdk-quicksight (~> 1)
      aws-sdk-ram (~> 1)
      aws-sdk-rds (~> 1)
      aws-sdk-rdsdataservice (~> 1)
      aws-sdk-redshift (~> 1)
      aws-sdk-rekognition (~> 1)
      aws-sdk-resourcegroups (~> 1)
      aws-sdk-resourcegroupstaggingapi (~> 1)
      aws-sdk-robomaker (~> 1)
      aws-sdk-route53 (~> 1)
      aws-sdk-route53domains (~> 1)
      aws-sdk-route53resolver (~> 1)
      aws-sdk-s3 (~> 1)
      aws-sdk-s3control (~> 1)
      aws-sdk-sagemaker (~> 1)
      aws-sdk-sagemakerruntime (~> 1)
      aws-sdk-secretsmanager (~> 1)
      aws-sdk-securityhub (~> 1)
      aws-sdk-serverlessapplicationrepository (~> 1)
      aws-sdk-servicecatalog (~> 1)
      aws-sdk-servicediscovery (~> 1)
      aws-sdk-ses (~> 1)
      aws-sdk-shield (~> 1)
      aws-sdk-signer (~> 1)
      aws-sdk-simpledb (~> 1)
      aws-sdk-sms (~> 1)
      aws-sdk-snowball (~> 1)
      aws-sdk-sns (~> 1)
      aws-sdk-sqs (~> 1)
      aws-sdk-ssm (~> 1)
      aws-sdk-states (~> 1)
      aws-sdk-storagegateway (~> 1)
      aws-sdk-support (~> 1)
      aws-sdk-swf (~> 1)
      aws-sdk-textract (~> 1)
      aws-sdk-transcribeservice (~> 1)
      aws-sdk-transcribestreamingservice (~> 1)
      aws-sdk-transfer (~> 1)
      aws-sdk-translate (~> 1)
      aws-sdk-waf (~> 1)
      aws-sdk-wafregional (~> 1)
      aws-sdk-workdocs (~> 1)
      aws-sdk-worklink (~> 1)
      aws-sdk-workmail (~> 1)
      aws-sdk-workspaces (~> 1)
      aws-sdk-xray (~> 1)
    aws-sdk-robomaker (1.10.0)
      aws-sdk-core (~> 3, >= 3.56.0)
      aws-sigv4 (~> 1.1)
    aws-sdk-route53 (1.26.0)
      aws-sdk-core (~> 3, >= 3.56.0)
      aws-sigv4 (~> 1.1)
    aws-sdk-route53domains (1.15.0)
      aws-sdk-core (~> 3, >= 3.56.0)
      aws-sigv4 (~> 1.1)
    aws-sdk-route53resolver (1.8.0)
      aws-sdk-core (~> 3, >= 3.56.0)
      aws-sigv4 (~> 1.1)
    aws-sdk-s3 (1.43.0)
      aws-sdk-core (~> 3, >= 3.56.0)
      aws-sdk-kms (~> 1)
      aws-sigv4 (~> 1.1)
    aws-sdk-s3control (1.10.0)
      aws-sdk-core (~> 3, >= 3.56.0)
      aws-sigv4 (~> 1.1)
    aws-sdk-sagemaker (1.39.0)
      aws-sdk-core (~> 3, >= 3.56.0)
      aws-sigv4 (~> 1.1)
    aws-sdk-sagemakerruntime (1.14.0)
      aws-sdk-core (~> 3, >= 3.56.0)
      aws-sigv4 (~> 1.1)
    aws-sdk-secretsmanager (1.28.0)
      aws-sdk-core (~> 3, >= 3.56.0)
      aws-sigv4 (~> 1.1)
    aws-sdk-securityhub (1.9.0)
      aws-sdk-core (~> 3, >= 3.56.0)
      aws-sigv4 (~> 1.1)
    aws-sdk-serverlessapplicationrepository (1.19.0)
      aws-sdk-core (~> 3, >= 3.56.0)
      aws-sigv4 (~> 1.1)
    aws-sdk-servicecatalog (1.29.0)
      aws-sdk-core (~> 3, >= 3.56.0)
      aws-sigv4 (~> 1.1)
    aws-sdk-servicediscovery (1.16.0)
      aws-sdk-core (~> 3, >= 3.56.0)
      aws-sigv4 (~> 1.1)
    aws-sdk-ses (1.23.0)
      aws-sdk-core (~> 3, >= 3.56.0)
      aws-sigv4 (~> 1.1)
    aws-sdk-shield (1.17.0)
      aws-sdk-core (~> 3, >= 3.56.0)
      aws-sigv4 (~> 1.1)
    aws-sdk-signer (1.13.0)
      aws-sdk-core (~> 3, >= 3.56.0)
      aws-sigv4 (~> 1.1)
    aws-sdk-simpledb (1.13.0)
      aws-sdk-core (~> 3, >= 3.56.0)
      aws-sigv2 (~> 1.0)
    aws-sdk-sms (1.14.0)
      aws-sdk-core (~> 3, >= 3.56.0)
      aws-sigv4 (~> 1.1)
    aws-sdk-snowball (1.18.0)
      aws-sdk-core (~> 3, >= 3.56.0)
      aws-sigv4 (~> 1.1)
    aws-sdk-sns (1.17.0)
      aws-sdk-core (~> 3, >= 3.56.0)
      aws-sigv4 (~> 1.1)
    aws-sdk-sqs (1.17.0)
      aws-sdk-core (~> 3, >= 3.56.0)
      aws-sigv4 (~> 1.1)
    aws-sdk-ssm (1.50.0)
      aws-sdk-core (~> 3, >= 3.56.0)
      aws-sigv4 (~> 1.1)
    aws-sdk-states (1.18.0)
      aws-sdk-core (~> 3, >= 3.56.0)
      aws-sigv4 (~> 1.1)
    aws-sdk-storagegateway (1.28.0)
      aws-sdk-core (~> 3, >= 3.56.0)
      aws-sigv4 (~> 1.1)
    aws-sdk-support (1.13.0)
      aws-sdk-core (~> 3, >= 3.56.0)
      aws-sigv4 (~> 1.1)
    aws-sdk-swf (1.13.0)
      aws-sdk-core (~> 3, >= 3.56.0)
      aws-sigv4 (~> 1.1)
    aws-sdk-textract (1.8.0)
      aws-sdk-core (~> 3, >= 3.56.0)
      aws-sigv4 (~> 1.1)
    aws-sdk-transcribeservice (1.24.0)
      aws-sdk-core (~> 3, >= 3.56.0)
      aws-sigv4 (~> 1.1)
    aws-sdk-transcribestreamingservice (1.6.0)
      aws-sdk-core (~> 3, >= 3.56.0)
      aws-sigv4 (~> 1.1)
    aws-sdk-transfer (1.10.0)
      aws-sdk-core (~> 3, >= 3.56.0)
      aws-sigv4 (~> 1.1)
    aws-sdk-translate (1.15.0)
      aws-sdk-core (~> 3, >= 3.56.0)
      aws-sigv4 (~> 1.1)
    aws-sdk-waf (1.21.0)
      aws-sdk-core (~> 3, >= 3.56.0)
      aws-sigv4 (~> 1.1)
    aws-sdk-wafregional (1.22.0)
      aws-sdk-core (~> 3, >= 3.56.0)
      aws-sigv4 (~> 1.1)
    aws-sdk-workdocs (1.16.0)
      aws-sdk-core (~> 3, >= 3.56.0)
      aws-sigv4 (~> 1.1)
    aws-sdk-worklink (1.9.0)
      aws-sdk-core (~> 3, >= 3.56.0)
      aws-sigv4 (~> 1.1)
    aws-sdk-workmail (1.16.0)
      aws-sdk-core (~> 3, >= 3.56.0)
      aws-sigv4 (~> 1.1)
    aws-sdk-workspaces (1.23.0)
      aws-sdk-core (~> 3, >= 3.56.0)
      aws-sigv4 (~> 1.1)
    aws-sdk-xray (1.18.0)
      aws-sdk-core (~> 3, >= 3.56.0)
      aws-sigv4 (~> 1.1)
    aws-sigv2 (1.0.1)
    aws-sigv4 (1.1.0)
      aws-eventstream (~> 1.0, >= 1.0.2)
    builder (3.2.4)
    class2 (0.3.0)
      activesupport (>= 3.2)
    coderay (1.1.2)
    concurrent-ruby (1.1.5)
    diff-lcs (1.3)
    dotenv (2.7.2)
    equatable (0.6.0)
    factory_bot (5.0.2)
      activesupport (>= 4.2.0)
    graphql (1.12.4)
    graphql-client (0.16.0)
      activesupport (>= 3.0)
      graphql (~> 1.8)
    httparty (0.17.0)
      mime-types (~> 3.0)
      multi_xml (>= 0.5.2)
    i18n (1.6.0)
      concurrent-ruby (~> 1.0)
    jaro_winkler (1.5.3)
    jmespath (1.4.0)
    liquid (4.0.3)
    method_source (0.9.2)
    mime-types (3.2.2)
      mime-types-data (~> 3.2015)
    mime-types-data (3.2019.0331)
    minitest (5.11.3)
    mono_logger (1.1.0)
    multi_json (1.13.1)
    multi_xml (0.6.0)
    mustermann (1.0.3)
    nio4r (2.5.8)
    parallel (1.17.0)
    parser (2.6.3.0)
      ast (~> 2.4.0)
    pastel (0.7.3)
      equatable (~> 0.6)
      tty-color (~> 0.5)
    pg (0.19.0)
    pry (0.12.2)
      coderay (~> 1.1.0)
      method_source (~> 0.9.0)
    puma (4.3.11)
      nio4r (~> 2.0)
    rack (2.2.2)
    rack-contrib (2.1.0)
      rack (~> 2.0)
    rack-protection (2.0.5)
      rack
    rack-test (1.1.0)
      rack (>= 1.0, < 3)
    rainbow (3.0.0)
    rake (13.0.1)
    recharge-api (0.0.1)
      class2 (~> 0.3.0)
    redis (3.3.5)
    redis-namespace (1.6.0)
      redis (>= 3.0.4)
    resque (2.0.0)
      mono_logger (~> 1.0)
      multi_json (~> 1.0)
      redis-namespace (~> 1.6)
      sinatra (>= 0.9.2)
      vegas (~> 0.1.2)
    rspec (3.8.0)
      rspec-core (~> 3.8.0)
      rspec-expectations (~> 3.8.0)
      rspec-mocks (~> 3.8.0)
    rspec-core (3.8.1)
      rspec-support (~> 3.8.0)
    rspec-expectations (3.8.4)
      diff-lcs (>= 1.2.0, < 2.0)
      rspec-support (~> 3.8.0)
    rspec-mocks (3.8.1)
      diff-lcs (>= 1.2.0, < 2.0)
      rspec-support (~> 3.8.0)
    rspec-support (3.8.2)
    rubocop (0.71.0)
      jaro_winkler (~> 1.5.1)
      parallel (~> 1.10)
      parser (>= 2.6)
      rainbow (>= 2.2.2, < 4.0)
      ruby-progressbar (~> 1.7)
      unicode-display_width (>= 1.4.0, < 1.7)
    ruby-progressbar (1.10.1)
    ruby_http_client (3.3.0)
    sendgrid-ruby (6.0.0)
      ruby_http_client (~> 3.3.0)
      sinatra (>= 1.4.7, < 3)
    shopify_api (9.2.0)
      activeresource (>= 4.1.0, < 6.0.0)
      graphql-client
      rack
    sinatra (2.0.5)
      mustermann (~> 1.0)
      rack (~> 2.0)
      rack-protection (= 2.0.5)
      tilt (~> 2.0)
    sinatra-activerecord (2.0.13)
      activerecord (>= 3.2)
      sinatra (>= 1.0)
    sinatra-cross_origin (0.4.0)
    strings (0.1.5)
      strings-ansi (~> 0.1)
      unicode-display_width (~> 1.5)
      unicode_utils (~> 1.4)
    strings-ansi (0.1.0)
    thor (0.20.3)
    thread_safe (0.3.6)
    tilt (2.0.9)
    tty-color (0.5.0)
    tty-pager (0.12.1)
      strings (~> 0.1.4)
      tty-screen (~> 0.6)
      tty-which (~> 0.4)
    tty-screen (0.6.5)
    tty-tree (0.3.0)
    tty-which (0.4.1)
    tzinfo (1.2.5)
      thread_safe (~> 0.1)
    unicode-display_width (1.6.0)
    unicode_utils (1.4.0)
    vegas (0.1.11)
      rack (>= 1.0.0)
    yard (0.9.20)

PLATFORMS
  ruby

DEPENDENCIES
  activerecord
  activerecord-import (~> 1.0, >= 1.0.4)
  activesupport
  aws-sdk (~> 3)
  dotenv
  factory_bot
  faker!
  httparty
  liquid (~> 4.0)
  pg (= 0.19.0)
  pry
  puma (>= 3.12.4)
  rack (>= 2.0.8)
  rack-contrib
  rack-test
  rake (>= 12.3.3)
  recharge-api
  redis (= 3.3.5)
  resque
  rspec
  rubocop
  sendgrid-ruby
  shopify_api (= 9.2.0)
  sinatra (>= 2.0.2)
  sinatra-activerecord
  sinatra-cross_origin
  yard (>= 0.9.20)

RUBY VERSION
   ruby 2.4.0p0

BUNDLED WITH
   2.2.8
